PATH
  remote: _gems/jekyll-deploy
  specs:
    jekyll-deploy (0.1.0)
      jekyll
      s3_website

GEM
  remote: https://rubygems.org/
  specs:
    addressable (2.3.8)
    coderay (1.1.0)
    coffee-script (2.4.1)
      coffee-script-source
      execjs
    coffee-script-source (1.9.1.1)
    colorator (0.1)
    colored (1.2)
    configure-s3-website (1.7.1)
      deep_merge (= 1.0.0)
    deep_merge (1.0.0)
    diff-lcs (1.2.5)
    dotenv (1.0.2)
    execjs (2.5.2)
    fastimage (1.8.0)
      addressable (~> 2.3, >= 2.3.5)
    ffi (1.9.10)
    haml (4.0.6)
      tilt
    jekyll (3.0.1)
      colorator (~> 0.1)
      jekyll-sass-converter (~> 1.0)
      jekyll-watch (~> 1.1)
      kramdown (~> 1.3)
      liquid (~> 3.0)
      mercenary (~> 0.3.3)
      rouge (~> 1.7)
      safe_yaml (~> 1.0)
    jekyll-assets (2.0.3)
      fastimage (~> 1.8)
      jekyll (~> 3.0)
      sprockets (~> 3.3)
      sprockets-helpers (~> 1.2)
    jekyll-paginate (1.1.0)
    jekyll-sass-converter (1.3.0)
      sass (~> 3.2)
    jekyll-watch (1.3.0)
      listen (~> 3.0)
    json (1.8.3)
    kramdown (1.9.0)
    liquid (3.0.6)
    listen (3.0.5)
      rb-fsevent (>= 0.9.3)
      rb-inotify (>= 0.9)
    mercenary (0.3.5)
    method_source (0.8.2)
    posix-spawn (0.3.11)
    pry (0.10.1)
      coderay (~> 1.1.0)
      method_source (~> 0.8.1)
      slop (~> 3.4)
    pygments.rb (0.6.3)
      posix-spawn (~> 0.3.6)
      yajl-ruby (~> 1.2.0)
    rack (1.6.4)
    rb-fsevent (0.9.6)
    rb-inotify (0.9.5)
      ffi (>= 0.5.0)
    rouge (1.10.1)
    rspec (3.3.0)
      rspec-core (~> 3.3.0)
      rspec-expectations (~> 3.3.0)
      rspec-mocks (~> 3.3.0)
    rspec-core (3.3.1)
      rspec-support (~> 3.3.0)
    rspec-expectations (3.3.0)
      diff-lcs (>= 1.2.0, < 2.0)
      rspec-support (~> 3.3.0)
    rspec-mocks (3.3.1)
      diff-lcs (>= 1.2.0, < 2.0)
      rspec-support (~> 3.3.0)
    rspec-support (3.3.0)
    rubypants-unicode (0.2.5)
    s3_website (2.10.0)
      colored (= 1.2)
      configure-s3-website (= 1.7.1)
      dotenv (~> 1.0)
      thor (~> 0.18)
    safe_yaml (1.0.4)
    sass (3.4.19)
    slop (3.6.0)
    sprockets (3.4.1)
      rack (> 1, < 3)
    sprockets-helpers (1.2.1)
      sprockets (>= 2.2)
    thor (0.19.1)
    tilt (1.4.1)
    uglifier (2.7.1)
      execjs (>= 0.3.0)
      json (>= 1.8.0)
    yajl-ruby (1.2.1)

PLATFORMS
  ruby

DEPENDENCIES
  coffee-script
  dotenv
  haml
  jekyll (~> 3.0.1)
  jekyll-assets
  jekyll-deploy!
  jekyll-paginate
  kramdown
  pry
  pygments.rb
  rspec (~> 3.0)
  rubypants-unicode
  s3_website
  uglifier

BUNDLED WITH
   1.11.2
