PATH
  remote: _gems/jekyll-deploy
  specs:
    jekyll-deploy (0.1.0)
      jekyll
      s3_website

GEM
  remote: https://rubygems.org/
  specs:
    addressable (2.5.0)
      public_suffix (~> 2.0, >= 2.0.2)
    aws-sdk (2.6.47)
      aws-sdk-resources (= 2.6.47)
    aws-sdk-core (2.6.47)
      aws-sigv4 (~> 1.0)
      jmespath (~> 1.0)
    aws-sdk-resources (2.6.47)
      aws-sdk-core (= 2.6.47)
    aws-sigv4 (1.0.0)
    coderay (1.1.1)
    colorator (1.1.0)
    colored (1.2)
    concurrent-ruby (1.0.4)
    configure-s3-website (2.0.0)
      aws-sdk (~> 2)
      deep_merge (~> 1.0.0)
    deep_merge (1.0.1)
    diff-lcs (1.2.5)
    dotenv (1.0.2)
    execjs (2.7.0)
    extras (0.1.0)
      forwardable-extended (~> 2.5)
    fastimage (2.0.1)
      addressable (~> 2)
    ffi (1.9.17)
    forwardable-extended (2.6.0)
    haml (4.0.7)
      tilt
    jekyll (3.4.0)
      addressable (~> 2.4)
      colorator (~> 1.0)
      jekyll-sass-converter (~> 1.0)
      jekyll-watch (~> 1.1)
      kramdown (~> 1.3)
      liquid (~> 3.0)
      mercenary (~> 0.3.3)
      pathutil (~> 0.9)
      rouge (~> 1.7)
      safe_yaml (~> 1.0)
    jekyll-assets (2.2.8)
      extras (~> 0.1)
      fastimage (~> 2.0, >= 1.8)
      jekyll (~> 3.1, >= 3.0)
      pathutil (>= 0.8)
      rack (> 1, < 2)
      sprockets (~> 3.3, < 3.7)
    jekyll-sass-converter (1.5.0)
      sass (~> 3.4)
    jekyll-watch (1.5.0)
      listen (~> 3.0, < 3.1)
    jmespath (1.3.1)
    kramdown (1.13.2)
    liquid (3.0.6)
    listen (3.0.8)
      rb-fsevent (~> 0.9, >= 0.9.4)
      rb-inotify (~> 0.9, >= 0.9.7)
    mercenary (0.3.6)
    method_source (0.8.2)
    multi_json (1.12.1)
    pathutil (0.14.0)
      forwardable-extended (~> 2.6)
    pry (0.10.4)
      coderay (~> 1.1.0)
      method_source (~> 0.8.1)
      slop (~> 3.4)
    public_suffix (2.0.5)
    pygments.rb (1.1.1)
      multi_json (>= 1.0.0)
    rack (1.6.5)
    rb-fsevent (0.9.8)
    rb-inotify (0.9.8)
      ffi (>= 0.5.0)
    rouge (1.11.1)
    rspec (3.5.0)
      rspec-core (~> 3.5.0)
      rspec-expectations (~> 3.5.0)
      rspec-mocks (~> 3.5.0)
    rspec-core (3.5.4)
      rspec-support (~> 3.5.0)
    rspec-expectations (3.5.0)
      diff-lcs (>= 1.2.0, < 2.0)
      rspec-support (~> 3.5.0)
    rspec-mocks (3.5.0)
      diff-lcs (>= 1.2.0, < 2.0)
      rspec-support (~> 3.5.0)
    rspec-support (3.5.0)
    rubypants-unicode (0.2.5)
    s3_website (3.0.0)
      colored (= 1.2)
      configure-s3-website (= 2.0.0)
      dotenv (~> 1.0)
      thor (~> 0.18)
    safe_yaml (1.0.4)
    sass (3.4.23)
    slop (3.6.0)
    sprockets (3.6.3)
      concurrent-ruby (~> 1.0)
      rack (> 1, < 3)
    thor (0.19.4)
    tilt (2.0.5)
    uglifier (3.0.4)
      execjs (>= 0.3.0, < 3)

PLATFORMS
  ruby

DEPENDENCIES
  dotenv
  haml
  jekyll (~> 3.4)
  jekyll-assets
  jekyll-deploy!
  kramdown
  pry
  pygments.rb
  rspec (~> 3.0)
  rubypants-unicode
  s3_website
  uglifier

BUNDLED WITH
   1.13.7
